GIT
  remote: https://github.com/bcardarella/client_side_validations.git
  revision: 75d0dad8e4d49ba16c25e511b6514ea1408d2423
  branch: 3-2-stable
  specs:
    client_side_validations (3.2.5)

GIT
  remote: https://github.com/bluerail/twitter-bootstrap-rails-confirm.git
  revision: 8844678b876a7eb16e8cca76736aa10e9047595f
  specs:
    twitter-bootstrap-rails-confirm (1.0.1)

PATH
  remote: vendor/gems/best_in_place
  specs:
    best_in_place (2.0.3)
      jquery-rails
      rails (~> 3.1)

GEM
  remote: https://api.rubygems.org/
  specs:
    actionmailer (3.2.13)
      actionpack (= 3.2.13)
      mail (~> 2.5.3)
    actionpack (3.2.13)
      activemodel (= 3.2.13)
      activesupport (= 3.2.13)
      builder (~> 3.0.0)
      erubis (~> 2.7.0)
      journey (~> 1.0.4)
      rack (~> 1.4.5)
      rack-cache (~> 1.2)
      rack-test (~> 0.6.1)
      sprockets (~> 2.2.1)
    activemodel (3.2.13)
      activesupport (= 3.2.13)
      builder (~> 3.0.0)
    activerecord (3.2.13)
      activemodel (= 3.2.13)
      activesupport (= 3.2.13)
      arel (~> 3.0.2)
      tzinfo (~> 0.3.29)
    activeresource (3.2.13)
      activemodel (= 3.2.13)
      activesupport (= 3.2.13)
    activesupport (3.2.13)
      i18n (= 0.6.1)
      multi_json (~> 1.0)
    acts_as_list (0.2.0)
      activerecord (>= 3.0)
    addressable (2.3.4)
    arel (3.0.2)
    asset_sync (0.5.4)
      activemodel
      fog
    audited (3.0.0)
    audited-activerecord (3.0.0)
      activerecord (~> 3.0)
      audited (= 3.0.0)
    builder (3.0.4)
    capistrano (2.15.3)
      highline
      net-scp (>= 1.0.0)
      net-sftp (>= 2.0.0)
      net-ssh (>= 2.0.14)
      net-ssh-gateway (>= 1.1.0)
    capybara (2.1.0)
      mime-types (>= 1.16)
      nokogiri (>= 1.3.3)
      rack (>= 1.0.0)
      rack-test (>= 0.5.4)
      xpath (~> 2.0)
    cells (3.8.8)
      actionpack (>= 3.0)
      railties (>= 3.0)
    celluloid (0.13.0)
      timers (>= 1.0.0)
    childprocess (0.3.9)
      ffi (~> 1.0, >= 1.0.11)
    chunky_png (1.2.8)
    client_side_validations-simple_form (2.0.1)
      client_side_validations (~> 3.2.0)
      simple_form (~> 2.0.3)
    coderay (1.0.9)
    coffee-rails (3.2.2)
      coffee-script (>= 2.2.0)
      railties (~> 3.2.0)
    coffee-script (2.2.0)
      coffee-script-source
      execjs
    coffee-script-source (1.6.2)
    colorize (0.5.8)
    commonjs (0.2.6)
    compass (0.12.2)
      chunky_png (~> 1.2)
      fssm (>= 0.2.7)
      sass (~> 3.1)
    compass-rails (1.0.3)
      compass (>= 0.12.2, < 0.14)
    connection_pool (1.0.0)
    coveralls (0.6.7)
      colorize
      multi_json (~> 1.3)
      rest-client
      simplecov (>= 0.7)
      thor
    daemons (1.1.9)
    dalli (2.6.2)
    diff-lcs (1.2.4)
    dotenv (0.7.0)
    erubis (2.7.0)
    eventmachine (1.0.3)
    exception_notification (3.0.1)
      actionmailer (>= 3.0.4)
    excon (0.20.1)
    execjs (1.4.0)
      multi_json (~> 1.0)
    factory_girl (4.2.0)
      activesupport (>= 3.0.0)
    factory_girl_rails (4.2.1)
      factory_girl (~> 4.2.0)
      railties (>= 3.0.0)
    faraday (0.8.7)
      multipart-post (~> 1.1)
    faraday_middleware (0.9.0)
      faraday (>= 0.7.4, < 0.9)
    ffi (1.8.1)
    fog (1.10.1)
      builder
      excon (~> 0.20)
      formatador (~> 0.2.0)
      mime-types
      multi_json (~> 1.0)
      net-scp (~> 1.1)
      net-ssh (>= 2.1.3)
      nokogiri (~> 1.5.0)
      ruby-hmac
    foreman (0.63.0)
      dotenv (>= 0.7)
      thor (>= 0.13.6)
    formatador (0.2.4)
    fssm (0.2.10)
    google_visualr (2.1.7)
    guard (1.8.0)
      formatador (>= 0.2.4)
      listen (>= 1.0.0)
      lumberjack (>= 1.0.2)
      pry (>= 0.9.10)
      thor (>= 0.14.6)
    guard-jasmine (1.15.1)
      childprocess
      guard (>= 1.1.0)
      multi_json
      thor
    guard-rspec (2.5.4)
      guard (>= 1.1)
      rspec (~> 2.11)
    haml (4.0.2)
      tilt
    hashie (2.0.4)
    highline (1.6.18)
    hike (1.2.2)
    httpauth (0.2.0)
    i18n (0.6.1)
    i18n-js (2.1.2)
      i18n
    jasminerice (0.0.10)
      coffee-rails
      haml
    journey (1.0.4)
    jquery-cookie-rails (1.3.1)
      jquery-rails (~> 2.0)
      railties (>= 3.2.0, < 5.0)
      thor (~> 0.14)
      version (~> 1.0)
    jquery-rails (2.2.1)
      railties (>= 3.0, < 5.0)
      thor (>= 0.14, < 2.0)
    json (1.7.7)
    jwt (0.1.8)
      multi_json (>= 1.5)
    less (2.3.2)
      commonjs (~> 0.2.6)
    less-rails (2.3.3)
      actionpack (>= 3.1)
      less (~> 2.3.1)
    libv8 (3.11.8.17)
    listen (1.0.2)
      rb-fsevent (>= 0.9.3)
      rb-inotify (>= 0.9)
      rb-kqueue (>= 0.2)
    lumberjack (1.0.3)
    mail (2.5.3)
      i18n (>= 0.4.0)
      mime-types (~> 1.16)
      treetop (~> 1.4.8)
    md_emoji (1.0.1)
      railties (>= 3.1.0)
      redcarpet (>= 2.0)
    method_source (0.8.1)
    mime-types (1.23)
    modernizr-rails (2.6.2.1)
    mousetrap-rails (0.0.9)
    multi_json (1.7.2)
    multipart-post (1.2.0)
    mustache (0.99.4)
    net-scp (1.1.0)
      net-ssh (>= 2.6.5)
    net-sftp (2.1.1)
      net-ssh (>= 2.6.5)
    net-ssh (2.6.7)
    net-ssh-gateway (1.2.0)
      net-ssh (>= 2.6.5)
    netrc (0.7.7)
    newrelic_rpm (3.6.1.87)
    nokogiri (1.5.9)
    oauth2 (0.8.1)
      faraday (~> 0.8)
      httpauth (~> 0.1)
      jwt (~> 0.1.4)
      multi_json (~> 1.0)
      rack (~> 1.2)
    octokit (1.24.0)
      addressable (~> 2.2)
      faraday (~> 0.8)
      faraday_middleware (~> 0.9)
      hashie (~> 2.0)
      multi_json (~> 1.3)
      netrc (~> 0.7.7)
    omniauth (1.1.4)
      hashie (>= 1.2, < 3)
      rack
    omniauth-github (1.1.0)
      omniauth (~> 1.0)
      omniauth-oauth2 (~> 1.1)
    omniauth-oauth2 (1.1.1)
      oauth2 (~> 0.8.0)
      omniauth (~> 1.0)
    pg (0.15.1)
    polyglot (0.3.3)
    pry (0.9.12.1)
      coderay (~> 1.0.5)
      method_source (~> 0.8)
      slop (~> 3.4)
    rack (1.4.5)
    rack-cache (1.2)
      rack (>= 0.4)
    rack-ssl (1.3.3)
      rack
    rack-test (0.6.2)
      rack (>= 1.0)
    rails (3.2.13)
      actionmailer (= 3.2.13)
      actionpack (= 3.2.13)
      activerecord (= 3.2.13)
      activeresource (= 3.2.13)
      activesupport (= 3.2.13)
      bundler (~> 1.0)
      railties (= 3.2.13)
    railties (3.2.13)
      actionpack (= 3.2.13)
      activesupport (= 3.2.13)
      rack-ssl (~> 1.3.2)
      rake (>= 0.8.7)
      rdoc (~> 3.4)
      thor (>= 0.14.6, < 2.0)
    rake (10.0.4)
    rb-fsevent (0.9.3)
    rb-inotify (0.9.0)
      ffi (>= 0.5.0)
    rb-kqueue (0.2.0)
      ffi (>= 0.5.0)
    rdoc (3.12.2)
      json (~> 1.4)
    redcarpet (2.2.2)
    redis (3.0.4)
    redis-namespace (1.2.1)
      redis (~> 3.0.0)
    ref (1.0.4)
    responders (0.9.3)
      railties (~> 3.1)
    rest-client (1.6.7)
      mime-types (>= 1.16)
    rspec (2.13.0)
      rspec-core (~> 2.13.0)
      rspec-expectations (~> 2.13.0)
      rspec-mocks (~> 2.13.0)
    rspec-cells (0.1.7)
      cells (~> 3.4)
      railties (>= 3.0, < 4.1)
      rspec-rails (~> 2.2)
    rspec-core (2.13.1)
    rspec-expectations (2.13.0)
      diff-lcs (>= 1.1.3, < 2.0)
    rspec-mocks (2.13.1)
    rspec-rails (2.13.0)
      actionpack (>= 3.0)
      activesupport (>= 3.0)
      railties (>= 3.0)
      rspec-core (~> 2.13.0)
      rspec-expectations (~> 2.13.0)
      rspec-mocks (~> 2.13.0)
    ruby-hmac (0.4.0)
    rvm-capistrano (1.3.0)
      capistrano (>= 2.0.0)
    sass (3.2.8)
    sass-rails (3.2.6)
      railties (~> 3.2.0)
      sass (>= 3.1.10)
      tilt (~> 1.3)
    shoulda-matchers (2.0.0)
      activesupport (>= 3.0.0)
    sidekiq (2.11.1)
      celluloid (~> 0.13.0)
      connection_pool (~> 1.0)
      multi_json (~> 1)
      redis (~> 3)
      redis-namespace
    simple_form (2.0.4)
      actionpack (~> 3.0)
      activemodel (~> 3.0)
    simplecov (0.7.1)
      multi_json (~> 1.0)
      simplecov-html (~> 0.7.1)
    simplecov-html (0.7.1)
    slop (3.4.4)
    smt_rails (0.2.6)
      mustache (>= 0.99.4)
      rails (>= 3.1.0)
      sprockets (>= 2.0.3)
      tilt (>= 1.3.3)
    spectrum-rails (1.0.9)
      railties (~> 3.1)
    sprockets (2.2.2)
      hike (~> 1.2)
      multi_json (~> 1.0)
      rack (~> 1.0)
      tilt (~> 1.1, != 1.3.0)
    sqlite3 (1.3.7)
    state_machine (1.2.0)
    therubyracer (0.11.4)
      libv8 (~> 3.11.8.12)
      ref
    thin (1.5.1)
      daemons (>= 1.0.9)
      eventmachine (>= 0.12.6)
      rack (>= 1.0.0)
    thor (0.18.1)
    tilt (1.3.7)
    timers (1.1.0)
    treetop (1.4.12)
      polyglot
      polyglot (>= 0.3.1)
    turbo-sprockets-rails3 (0.3.6)
      railties (> 3.2.8, < 4.0.0)
      sprockets (>= 2.0.0)
    twitter-bootstrap-rails (2.2.6)
      actionpack (>= 3.1)
      execjs
      railties (>= 3.1)
    tzinfo (0.3.37)
    uglifier (2.0.1)
      execjs (>= 0.3.0)
      multi_json (~> 1.0, >= 1.0.2)
    version (1.0.0)
    xpath (2.0.0)
      nokogiri (~> 1.3)
    yard (0.8.6.1)

PLATFORMS
  ruby

DEPENDENCIES
  acts_as_list
  asset_sync
  audited-activerecord
  best_in_place!
  capybara
  cells
  client_side_validations!
  client_side_validations-simple_form
  coffee-rails (~> 3.2.1)
  compass-rails
  coveralls
  dalli
  exception_notification
  factory_girl_rails
  foreman
  google_visualr
  guard-jasmine
  guard-rspec
  i18n-js
  jasminerice
  jquery-cookie-rails
  jquery-rails (~> 2.2.0)
  less-rails
  libv8 (~> 3.11.8)
  md_emoji
  modernizr-rails
  mousetrap-rails
  newrelic_rpm
  octokit
  omniauth
  omniauth-github
  pg
  pry
  rails (~> 3.2.13)
  rb-fsevent (~> 0.9)
  redcarpet
  responders
  rspec-cells
  rspec-rails
  rvm-capistrano
  sass-rails (~> 3.2.3)
  shoulda-matchers
  sidekiq
  simple_form
  smt_rails
  spectrum-rails
  sqlite3
  state_machine
  therubyracer
  thin
  turbo-sprockets-rails3
  twitter-bootstrap-rails
  twitter-bootstrap-rails-confirm!
  uglifier (>= 1.0.3)
  yard
